GEM
  remote: http://rubygems.org/
  specs:
    minitest (5.6.1)
    rake (10.4.2)

PLATFORMS
  ruby

DEPENDENCIES
  minitest (~> 5.6.1)
  rake

BUNDLED WITH
   1.12.5
