GEM
  remote: http://rubygems.org/
  specs:
    byebug (9.0.6)
    minitest (5.6.1)
    rake (12.3.3)

PLATFORMS
  ruby

DEPENDENCIES
  byebug
  minitest (~> 5.6.1)
  rake

BUNDLED WITH
   1.12.5
